GEM
  remote: https://rubygems.org/
  specs:
    hashie (3.5.7)
    rack (2.0.3)
    rake (12.3.0)

PLATFORMS
  ruby

DEPENDENCIES
  hashie (~> 3.5.7)
  rack (~> 2.0.3)
  rake (~> 12.3.0)

RUBY VERSION
   ruby 2.4.1p111

BUNDLED WITH
   1.16.0
